GEM
  remote: http://rubygems.org/
  specs:
    haml (4.0.2)
      tilt
    nokogiri (1.5.9)
    rack (1.5.2)
    rack-cache (1.2)
      rack (>= 0.4)
    rack-protection (1.5.0)
      rack
    sinatra (1.3.3)
      rack (~> 1.3, >= 1.3.6)
      rack-protection (~> 1.2)
      tilt (~> 1.3, >= 1.3.3)
    tilt (1.3.6)

PLATFORMS
  ruby

DEPENDENCIES
  haml
  nokogiri (= 1.5.9)
  rack-cache
  sinatra (= 1.3.3)
